PATH
  remote: .
  specs:
    asciichart (0.0.1.pre.alpha)
      launchy

GEM
  remote: https://rubygems.org/
  specs:
    addressable (2.3.5)
    builder (3.2.2)
    cucumber (1.3.10)
      builder (>= 2.1.2)
      diff-lcs (>= 1.1.3)
      gherkin (~> 2.12)
      multi_json (>= 1.7.5, < 2.0)
      multi_test (>= 0.0.2)
    diff-lcs (1.1.3)
    gherkin (2.12.2)
      multi_json (~> 1.3)
    launchy (2.4.2)
      addressable (~> 2.3)
    multi_json (1.8.2)
    multi_test (0.0.2)
    rake (10.1.0)
    redgreen (1.2.2)
    rr (1.1.2)
    rspec (2.5.0)
      rspec-core (~> 2.5.0)
      rspec-expectations (~> 2.5.0)
      rspec-mocks (~> 2.5.0)
    rspec-core (2.5.2)
    rspec-expectations (2.5.0)
      diff-lcs (~> 1.1.2)
    rspec-mocks (2.5.0)
    shoulda-context (1.1.6)

PLATFORMS
  ruby

DEPENDENCIES
  asciichart!
  cucumber (~> 1.3)
  rake (~> 10.1)
  redgreen (~> 1.2)
  rr (~> 1.1)
  rspec (~> 2.5.0)
  shoulda-context (~> 1.1.6)
